PATH
  remote: .
  specs:
    aws-rds-instance_types (0.4.0)
      awesome_print (> 0)
      colorize
      dldinternet-mixlib-logging (>= 0.4.3)
      inifile (> 0)
      json
      mechanize (>= 2.7.2)
      nokogiri (>= 1.5.0)
      psych
      thor (>= 0.19.1)

GEM
  remote: https://rubygems.org/
  specs:
    awesome_print (1.2.0)
    builder (3.2.2)
    colorize (0.7.3)
    cucumber (0.10.7)
      builder (>= 2.1.2)
      diff-lcs (>= 1.1.2)
      gherkin (~> 2.4.0)
      json (>= 1.4.6)
      term-ansicolor (>= 1.0.5)
    diff-lcs (1.2.5)
    dldinternet-mixlib-logging (0.4.3)
      logging (~> 1.8, >= 1.8.2)
    domain_name (0.5.22)
      unf (>= 0.0.5, < 1.0.0)
    gherkin (2.4.21)
      json (>= 1.4.6)
    http-cookie (1.0.2)
      domain_name (~> 0.5)
    inifile (3.0.0)
    json (1.8.1)
    little-plugger (1.1.3)
    logging (1.8.2)
      little-plugger (>= 1.1.3)
      multi_json (>= 1.8.4)
    mechanize (2.7.3)
      domain_name (~> 0.5, >= 0.5.1)
      http-cookie (~> 1.0)
      mime-types (~> 2.0)
      net-http-digest_auth (~> 1.1, >= 1.1.1)
      net-http-persistent (~> 2.5, >= 2.5.2)
      nokogiri (~> 1.4)
      ntlm-http (~> 0.1, >= 0.1.1)
      webrobots (>= 0.0.9, < 0.2)
    mime-types (2.4.3)
    mini_portile (0.6.1)
    multi_json (1.10.1)
    net-http-digest_auth (1.4)
    net-http-persistent (2.9.4)
    nokogiri (1.6.4.1)
      mini_portile (~> 0.6.0)
    ntlm-http (0.1.1)
    psych (2.0.6)
    rake (0.9.6)
    rubygems-tasks (0.2.4)
    term-ansicolor (1.3.0)
      tins (~> 1.0)
    thor (0.19.1)
    tins (1.3.3)
    unf (0.1.4)
      unf_ext
    unf_ext (0.0.6)
    webrobots (0.1.1)

PLATFORMS
  ruby

DEPENDENCIES
  aws-rds-instance_types!
  bundler (~> 1.0)
  cucumber (~> 0.10.2)
  rake (~> 0.8)
  rubygems-tasks (~> 0.2)
