PATH
  remote: .
  specs:
    aws-rds-instance_types (2.0.0)
      awesome_print (> 0)
      aws-ec2-instance_types (>= 2.0.0)
      colorize
      dldinternet-mixlib-logging (>= 0.7.1)
      inifile (> 0)
      json
      psych
      thor (>= 0.19.1)

GEM
  remote: https://rubygems.org/
  specs:
    awesome_print (1.8.0)
    aws-ec2-instance_types (2.0.0)
      awesome_print (> 0)
      colorize
      dldinternet-mixlib-logging (>= 0.7.1)
      inifile (> 0)
      json
      psych
      thor (>= 0.19.1)
    builder (3.2.3)
    colorize (0.8.1)
    cucumber (0.10.7)
      builder (>= 2.1.2)
      diff-lcs (>= 1.1.2)
      gherkin (~> 2.4.0)
      json (>= 1.4.6)
      term-ansicolor (>= 1.0.5)
    diff-lcs (1.3)
    dldinternet-mixlib-logging (0.7.1)
      logging (~> 2.1, >= 2.1.0)
    gherkin (2.4.21)
      json (>= 1.4.6)
    inifile (3.0.0)
    json (2.1.0)
    little-plugger (1.1.4)
    logging (2.2.2)
      little-plugger (~> 1.1)
      multi_json (~> 1.10)
    multi_json (1.13.1)
    psych (3.0.2)
    rake (0.9.6)
    rubygems-tasks (0.2.4)
    term-ansicolor (1.6.0)
      tins (~> 1.0)
    thor (0.20.0)
    tins (1.16.3)

PLATFORMS
  ruby

DEPENDENCIES
  aws-rds-instance_types!
  bundler (~> 1.0)
  cucumber (~> 0.10.2)
  rake (~> 0.8)
  rubygems-tasks (~> 0.2)

BUNDLED WITH
   1.16.1
